PATH
  remote: .
  specs:
    chmath (0.1.0)
      opt_parse_validator (~> 1.9.0)

GEM
  remote: https://gems.ruby-china.com/
  specs:
    activesupport (6.1.7.1)
      concurrent-ruby (~> 1.0, >= 1.0.2)
      i18n (>= 1.6, < 2)
      minitest (>= 5.1)
      tzinfo (~> 2.0)
      zeitwerk (~> 2.3)
    addressable (2.7.0)
      public_suffix (>= 2.0.2, < 5.0)
    concurrent-ruby (1.1.10)
    i18n (1.12.0)
      concurrent-ruby (~> 1.0)
    minitest (5.14.0)
    opt_parse_validator (1.9.5)
      activesupport (>= 5.2, < 6.2.0)
      addressable (>= 2.5, < 2.9)
    public_suffix (4.0.4)
    rake (12.3.3)
    tzinfo (2.0.5)
      concurrent-ruby (~> 1.0)
    zeitwerk (2.6.6)

PLATFORMS
  ruby

DEPENDENCIES
  bundler (~> 2.0)
  chmath!
  minitest (~> 5.0)
  rake (~> 12.3.3)

BUNDLED WITH
   2.1.4
