PATH
  remote: .
  specs:
    chmath (0.1.0)
      opt_parse_validator (~> 1.9.0)

GEM
  remote: https://gems.ruby-china.com/
  specs:
    activesupport (6.0.3.1)
      concurrent-ruby (~> 1.0, >= 1.0.2)
      i18n (>= 0.7, < 2)
      minitest (~> 5.1)
      tzinfo (~> 1.1)
      zeitwerk (~> 2.2, >= 2.2.2)
    addressable (2.7.0)
      public_suffix (>= 2.0.2, < 5.0)
    concurrent-ruby (1.1.6)
    i18n (1.8.2)
      concurrent-ruby (~> 1.0)
    minitest (5.14.0)
    opt_parse_validator (1.9.1)
      activesupport (>= 5.2, < 6.1.0)
      addressable (>= 2.5, < 2.8)
    public_suffix (4.0.5)
    rake (12.3.3)
    thread_safe (0.3.6)
    tzinfo (1.2.7)
      thread_safe (~> 0.1)
    zeitwerk (2.3.0)

PLATFORMS
  ruby

DEPENDENCIES
  bundler (~> 2.0)
  chmath!
  minitest (~> 5.0)
  rake (~> 12.3.3)

BUNDLED WITH
   2.0.2
